PATH
  remote: .
  specs:
    group_cruz (0.0.1)
      builder
      data_mapper
      dm-sqlite-adapter
      spreadsheet

GEM
  remote: http://rubygems.org/
  specs:
    addressable (2.2.5)
    bcrypt-ruby (2.1.4)
    builder (3.0.0)
    data_mapper (1.1.0)
      dm-aggregates (= 1.1.0)
      dm-constraints (= 1.1.0)
      dm-core (= 1.1.0)
      dm-migrations (= 1.1.0)
      dm-serializer (= 1.1.0)
      dm-timestamps (= 1.1.0)
      dm-transactions (= 1.1.0)
      dm-types (= 1.1.0)
      dm-validations (= 1.1.0)
    data_objects (0.10.4)
      addressable (~> 2.1)
    dm-aggregates (1.1.0)
      dm-core (~> 1.1.0)
    dm-constraints (1.1.0)
      dm-core (~> 1.1.0)
    dm-core (1.1.0)
      addressable (~> 2.2.4)
    dm-do-adapter (1.1.0)
      data_objects (~> 0.10.2)
      dm-core (~> 1.1.0)
    dm-migrations (1.1.0)
      dm-core (~> 1.1.0)
    dm-serializer (1.1.0)
      dm-core (~> 1.1.0)
      fastercsv (~> 1.5.4)
      json (~> 1.4.6)
    dm-sqlite-adapter (1.1.0)
      dm-do-adapter (~> 1.1.0)
      do_sqlite3 (~> 0.10.2)
    dm-timestamps (1.1.0)
      dm-core (~> 1.1.0)
    dm-transactions (1.1.0)
      dm-core (~> 1.1.0)
    dm-types (1.1.0)
      bcrypt-ruby (~> 2.1.4)
      dm-core (~> 1.1.0)
      fastercsv (~> 1.5.4)
      json (~> 1.4.6)
      stringex (~> 1.2.0)
      uuidtools (~> 2.1.2)
    dm-validations (1.1.0)
      dm-core (~> 1.1.0)
    do_sqlite3 (0.10.4)
      data_objects (= 0.10.4)
    fastercsv (1.5.4)
    json (1.4.6)
    ruby-ole (1.2.11.1)
    spreadsheet (0.6.5.4)
      ruby-ole (>= 1.0)
    stringex (1.2.1)
    uuidtools (2.1.2)

PLATFORMS
  ruby

DEPENDENCIES
  builder
  data_mapper
  dm-sqlite-adapter
  group_cruz!
  spreadsheet
